GEM
  remote: https://rubygems.org/
  specs:
    minitest (5.3.4)
    rake (10.3.2)

PLATFORMS
  ruby
  x86-mingw32

DEPENDENCIES
  minitest
  rake
